GEM
  remote: https://rubygems.org/
  specs:
    chronic_duration (0.10.6)
      numerizer (~> 0.1.1)
    faraday (1.0.1)
      multipart-post (>= 1.2, < 3)
    multipart-post (2.1.1)
    numerizer (0.1.1)

PLATFORMS
  ruby

DEPENDENCIES
  chronic_duration
  faraday

BUNDLED WITH
   2.1.4
