GEM
  remote: https://rubygems.org/
  specs:
    chronic_duration (0.10.6)
      numerizer (~> 0.1.1)
    faraday (0.15.0)
      multipart-post (>= 1.2, < 3)
    multipart-post (2.0.0)
    numerizer (0.1.1)

PLATFORMS
  ruby

DEPENDENCIES
  chronic_duration
  faraday

BUNDLED WITH
   1.16.1
